PATH
  remote: .
  specs:
    mongowiki (0.1.0)
      mongoid (~> 2.3.4)
      redcarpet (~> 1.17.2)
      sass (~> 3.1.10)
      sinatra (~> 1.3.1)
      sinatra-mongoid-config (~> 0.1.2)
      sprockets (~> 2.1.2)

GEM
  remote: http://rubygems.org/
  specs:
    activemodel (3.1.3)
      activesupport (= 3.1.3)
      builder (~> 3.0.0)
      i18n (~> 0.6)
    activesupport (3.1.3)
      multi_json (~> 1.0)
    bson (1.4.0)
    builder (3.0.0)
    hike (1.2.1)
    i18n (0.6.0)
    minitest (2.8.1)
    mongo (1.4.0)
      bson (= 1.4.0)
    mongoid (2.3.4)
      activemodel (~> 3.1)
      mongo (~> 1.3)
      tzinfo (~> 0.3.22)
    multi_json (1.0.3)
    rack (1.3.5)
    rack-protection (1.1.4)
      rack
    rack-test (0.6.1)
      rack (>= 1.0)
    redcarpet (1.17.2)
    sass (3.1.10)
    sinatra (1.3.1)
      rack (~> 1.3, >= 1.3.4)
      rack-protection (~> 1.1, >= 1.1.2)
      tilt (~> 1.3, >= 1.3.3)
    sinatra-mongoid-config (0.1.2)
      mongoid (~> 2.3.4)
      sinatra (~> 1.3.1)
    sprockets (2.1.2)
      hike (~> 1.2)
      rack (~> 1.0)
      tilt (~> 1.1, != 1.3.0)
    tilt (1.3.3)
    tzinfo (0.3.31)
    yard (0.7.3)

PLATFORMS
  ruby

DEPENDENCIES
  minitest (~> 2.8.1)
  mongowiki!
  rack-test (~> 0.6.1)
  yard (~> 0.7.3)
