GEM
  remote: http://rubygems.org/
  specs:
    activesupport (2.3.11)
    bson (1.2.4)
    bson_ext (1.2.4)
    durran-validatable (2.0.1)
    haml (3.0.25)
    mongo (1.2.4)
      bson (>= 1.2.4)
    mongoid (1.9.5)
      activesupport (< 3.0.0)
      bson (~> 1.2.1)
      durran-validatable (>= 2.0.1)
      mongo (~> 1.2.1)
      will_paginate (< 2.9)
    rack (1.2.1)
    sass (3.1.0.alpha.221)
    sinatra (1.1.3)
      rack (~> 1.1)
      tilt (>= 1.2.2, < 2.0)
    tilt (1.2.2)
    will_paginate (2.3.15)

PLATFORMS
  ruby

DEPENDENCIES
  bson_ext
  haml
  mongoid
  sass
  sinatra
