PATH
  remote: .
  specs:
    mongowiki (1.0.0.pre1)
      activesupport (~> 3.2.0)
      bson_ext (~> 1.5)
      coderay (~> 1.0.6)
      diffy (~> 2.0.7)
      happy (~> 0.1.0)
      mongoid (~> 2.4)
      mongoid_search (~> 0.2.7)
      rabl (~> 0.6.10)
      rack (~> 1.4.1)
      redcarpet (~> 2.1.0)
      sass (~> 3.1.17)
      sprockets (~> 2.1.2)
      sprockets-helpers (~> 0.3.0)
      yajl-ruby (~> 1.1.0)

GEM
  remote: http://rubygems.org/
  specs:
    activemodel (3.2.6)
      activesupport (= 3.2.6)
      builder (~> 3.0.0)
    activesupport (3.2.6)
      i18n (~> 0.6)
      multi_json (~> 1.0)
    allowance (0.1.1)
    bson (1.6.4)
    bson_ext (1.6.4)
      bson (~> 1.6.4)
    builder (3.0.0)
    coderay (1.0.7)
    database_cleaner (0.8.0)
    diffy (2.0.8)
    fast-stemmer (1.0.1)
    happy (0.1.0)
      activesupport (~> 3.1)
      allowance (>= 0.1.1)
      rack (~> 1.4)
      tilt (~> 1.3)
    hike (1.2.1)
    i18n (0.6.0)
    kgio (2.7.4)
    minitest (2.12.1)
    mongo (1.6.2)
      bson (~> 1.6.2)
    mongoid (2.4.11)
      activemodel (~> 3.1)
      mongo (<= 1.6.2)
      tzinfo (~> 0.3.22)
    mongoid-minitest (0.0.3.1)
      minitest (~> 2.12.0)
      mongoid (~> 2.4.7)
    mongoid_search (0.2.7)
      bson_ext (>= 1.2)
      fast-stemmer (~> 1.0.0)
      mongoid (>= 2.0.0)
    multi_json (1.3.6)
    rabl (0.6.14)
      activesupport (>= 2.3.14)
      multi_json (~> 1.0)
    rack (1.4.1)
    rack-test (0.6.1)
      rack (>= 1.0)
    raindrops (0.10.0)
    rake (0.9.2.2)
    redcarpet (2.1.1)
    sass (3.1.20)
    sprockets (2.1.3)
      hike (~> 1.2)
      rack (~> 1.0)
      tilt (~> 1.1, != 1.3.0)
    sprockets-helpers (0.3.0)
      sprockets (~> 2.0)
    tilt (1.3.3)
    tzinfo (0.3.33)
    unicorn (4.3.1)
      kgio (~> 2.6)
      rack
      raindrops (~> 0.7)
    yajl-ruby (1.1.0)
    yard (0.8.2.1)

PLATFORMS
  ruby

DEPENDENCIES
  database_cleaner
  minitest
  mongoid-minitest
  mongowiki!
  rack-test
  rake
  unicorn
  yard
