PATH
  remote: .
  specs:
    mongowiki (1.0.0.pre1)
      activesupport (~> 3.2.0)
      bson_ext (~> 1.6.4)
      coderay (~> 1.0.6)
      diffy (~> 2.0.7)
      happy (~> 0.1.0)
      mongoid (~> 3.0.5)
      mongoid-simplify (~> 0.0.1)
      mongoid_search (~> 0.3.0)
      packr
      rabl (~> 0.6.10)
      rack (~> 1.4.1)
      redcarpet (~> 2.1.0)
      yajl-ruby (~> 1.1.0)

GEM
  remote: http://rubygems.org/
  specs:
    activemodel (3.2.8)
      activesupport (= 3.2.8)
      builder (~> 3.0.0)
    activesupport (3.2.8)
      i18n (~> 0.6)
      multi_json (~> 1.0)
    allowance (0.1.1)
    bson (1.6.4)
    bson_ext (1.6.4)
      bson (~> 1.6.4)
    builder (3.0.0)
    coderay (1.0.7)
    database_cleaner (0.8.0)
    diffy (2.0.8)
    fast-stemmer (1.0.1)
    happy (0.1.0)
      activesupport (~> 3.1)
      allowance (>= 0.1.1)
      rack (~> 1.4)
      tilt (~> 1.3)
    i18n (0.6.1)
    kgio (2.7.4)
    minitest (3.3.0)
    minitest-matchers (1.2.0)
      minitest (>= 2.5.0)
    mongoid (3.0.5)
      activemodel (~> 3.1)
      moped (~> 1.1)
      origin (~> 1.0)
      tzinfo (~> 0.3.22)
    mongoid-minitest (0.1.2)
      minitest (~> 3.3.0)
      minitest-matchers (~> 1.2.0)
      mongoid (~> 3.0.4)
    mongoid-simplify (0.0.2)
      mongoid (~> 3.0.5)
    mongoid_search (0.3.0)
      fast-stemmer (~> 1.0.0)
      mongoid (>= 3.0.0)
    moped (1.5.3)
    multi_json (1.3.6)
    origin (1.0.7)
    oyster (0.9.5)
    packr (3.2.1)
      oyster (>= 0.9.5)
    rabl (0.6.14)
      activesupport (>= 2.3.14)
      multi_json (~> 1.0)
    rack (1.4.1)
    rack-test (0.6.1)
      rack (>= 1.0)
    raindrops (0.10.0)
    rake (0.9.2.2)
    redcarpet (2.1.1)
    tilt (1.3.3)
    tzinfo (0.3.33)
    unicorn (4.3.1)
      kgio (~> 2.6)
      rack
      raindrops (~> 0.7)
    yajl-ruby (1.1.0)
    yard (0.8.2.1)

PLATFORMS
  ruby

DEPENDENCIES
  database_cleaner (~> 0.8.0)
  minitest (~> 3.3.0)
  mongoid-minitest (~> 0.1.2)
  mongowiki!
  rack-test (~> 0.6.1)
  rake (~> 0.9.2.2)
  unicorn (~> 4.3.1)
  yard (~> 0.8.2.1)
